GIT
  remote: git://github.com/eugeniodepalo/rails3-jquery-autocomplete.git
  revision: 69a41b3c60c67c84386f1bcdc823fa40137040fe
  specs:
    rails3-jquery-autocomplete (0.9.0)
      rails (~> 3.0)

GIT
  remote: git://github.com/justinfrench/formtastic.git
  revision: 29c45b9906cd26fa8de741025bb13ec33c3185e9
  specs:
    formtastic (2.0.0.rc3)
      rails (~> 3.0)

GIT
  remote: git://github.com/thoughtbot/shoulda-matchers.git
  revision: f1baf025d64389d4d1e90262d415c9ad55c5ba1a
  specs:
    shoulda-matchers (1.0.0.beta3)

GEM
  remote: http://rubygems.org/
  specs:
    abstract (1.0.0)
    actionmailer (3.0.7)
      actionpack (= 3.0.7)
      mail (~> 2.2.15)
    actionpack (3.0.7)
      activemodel (= 3.0.7)
      activesupport (= 3.0.7)
      builder (~> 2.1.2)
      erubis (~> 2.6.6)
      i18n (~> 0.5.0)
      rack (~> 1.2.1)
      rack-mount (~> 0.6.14)
      rack-test (~> 0.5.7)
      tzinfo (~> 0.3.23)
    activemodel (3.0.7)
      activesupport (= 3.0.7)
      builder (~> 2.1.2)
      i18n (~> 0.5.0)
    activerecord (3.0.7)
      activemodel (= 3.0.7)
      activesupport (= 3.0.7)
      arel (~> 2.0.2)
      tzinfo (~> 0.3.23)
    activeresource (3.0.7)
      activemodel (= 3.0.7)
      activesupport (= 3.0.7)
    activesupport (3.0.7)
    acts-as-taggable-on (2.0.6)
    addressable (2.2.6)
    arel (2.0.10)
    aws-s3 (0.6.2)
      builder
      mime-types
      xml-simple
    builder (2.1.2)
    cancan (1.6.5)
    capybara (1.0.0)
      mime-types (>= 1.16)
      nokogiri (>= 1.3.3)
      rack (>= 1.0.0)
      rack-test (>= 0.5.4)
      selenium-webdriver (~> 0.2.0)
      xpath (~> 0.1.4)
    childprocess (0.2.0)
      ffi (~> 1.0.6)
    chunky_png (1.2.0)
    clearance (0.12.0)
      diesel (~> 0.1.4)
      rails (>= 3.0)
    cocaine (0.1.0)
    compass (0.11.5)
      chunky_png (~> 1.2)
      fssm (>= 0.2.7)
      sass (~> 3.1)
    cucumber (1.0.2)
      builder (>= 2.1.2)
      diff-lcs (>= 1.1.2)
      gherkin (~> 2.4.5)
      json (>= 1.4.6)
      term-ansicolor (>= 1.0.5)
    cucumber-rails (1.0.2)
      capybara (>= 1.0.0)
      cucumber (~> 1.0.0)
      nokogiri (>= 1.4.6)
    daemons (1.1.4)
    database_cleaner (0.6.7)
    diesel (0.1.5)
      railties
    diff-lcs (1.1.2)
    erubis (2.6.6)
      abstract (>= 1.0.0)
    eventmachine (0.12.10)
    factory_girl (2.0.2)
    ffi (1.0.9)
    formtastic_datepicker_inputs (1.0.0)
      actionpack (>= 2.3.7)
      activesupport (>= 2.3.7)
      formtastic
      i18n (>= 0.4.0)
    fssm (0.2.7)
    geocoder (1.0.2)
    geoplanet (0.2.6)
      json (>= 1.1.3)
      rest-client (>= 0.9)
    gherkin (2.4.5)
      json (>= 1.4.6)
    i18n (0.5.0)
    jquery-rails (1.0.12)
      railties (~> 3.0)
      thor (~> 0.14)
    json (1.5.3)
    json_pure (1.5.3)
    launchy (2.0.5)
      addressable (~> 2.2.6)
    mail (2.2.19)
      activesupport (>= 2.3.6)
      i18n (>= 0.4.0)
      mime-types (~> 1.16)
      treetop (~> 1.4.8)
    mime-types (1.16)
    nokogiri (1.5.0)
    paperclip (2.3.15)
      activerecord (>= 2.3.0)
      activesupport (>= 2.3.2)
      cocaine (>= 0.0.2)
      mime-types
    pickle (0.4.8)
      cucumber (>= 0.8)
      rake
    polyglot (0.3.2)
    rack (1.2.3)
    rack-mount (0.6.14)
      rack (>= 1.0.0)
    rack-test (0.5.7)
      rack (>= 1.0)
    rails (3.0.7)
      actionmailer (= 3.0.7)
      actionpack (= 3.0.7)
      activerecord (= 3.0.7)
      activeresource (= 3.0.7)
      activesupport (= 3.0.7)
      bundler (~> 1.0)
      railties (= 3.0.7)
    railties (3.0.7)
      actionpack (= 3.0.7)
      activesupport (= 3.0.7)
      rake (>= 0.8.7)
      thor (~> 0.14.4)
    rake (0.8.7)
    rest-client (1.6.3)
      mime-types (>= 1.16)
    rmagick (2.13.1)
    rspec (2.6.0)
      rspec-core (~> 2.6.0)
      rspec-expectations (~> 2.6.0)
      rspec-mocks (~> 2.6.0)
    rspec-core (2.6.4)
    rspec-expectations (2.6.0)
      diff-lcs (~> 1.1.2)
    rspec-mocks (2.6.0)
    rspec-rails (2.6.1)
      actionpack (~> 3.0)
      activesupport (~> 3.0)
      railties (~> 3.0)
      rspec (~> 2.6.0)
    rubyzip (0.9.4)
    sass (3.1.5)
    selenium-webdriver (0.2.2)
      childprocess (>= 0.1.9)
      ffi (>= 1.0.7)
      json_pure
      rubyzip
    sqlite3 (1.3.4)
    state_machine (1.0.1)
    term-ansicolor (1.0.6)
    thin (1.2.11)
      daemons (>= 1.0.9)
      eventmachine (>= 0.12.6)
      rack (>= 1.0.0)
    thor (0.14.6)
    treetop (1.4.10)
      polyglot
      polyglot (>= 0.3.1)
    tzinfo (0.3.29)
    xml-simple (1.1.0)
    xpath (0.1.4)
      nokogiri (~> 1.3)

PLATFORMS
  ruby

DEPENDENCIES
  acts-as-taggable-on
  aws-s3
  cancan
  capybara
  clearance
  compass (>= 0.11.5)
  cucumber-rails
  database_cleaner
  factory_girl
  formtastic!
  formtastic_datepicker_inputs
  geocoder
  geoplanet
  jquery-rails
  launchy
  paperclip (= 2.3.15)
  pickle
  rails (= 3.0.7)
  rails3-jquery-autocomplete!
  rake (~> 0.8.7)
  rmagick
  rspec-rails
  sass
  selenium-webdriver
  shoulda-matchers!
  sqlite3
  state_machine
  thin
